GEM
  remote: https://rubygems.org/
  specs:
    mojo_magick (0.5.4)
    pdf-core (0.5.1)
    prawn (2.0.1)
      pdf-core (~> 0.5.1)
      ttfunk (~> 1.4.0)
    qr4r (0.4.0)
      mojo_magick
      rqrcode
    rqrcode (0.4.2)
    ttfunk (1.4.0)

PLATFORMS
  ruby

DEPENDENCIES
  prawn
  qr4r
